GEM
  remote: https://rubygems.org/
  specs:
    slack-post (0.2.0)
      yajl-ruby
    yajl-ruby (1.2.1)

PLATFORMS
  ruby

DEPENDENCIES
  slack-post
